PATH
  remote: .
  specs:
    platform-api (0.7.0)
      heroics (~> 0.0.16)

GEM
  remote: https://rubygems.org/
  specs:
    erubis (2.7.0)
    excon (0.49.0)
    heroics (0.0.16)
      erubis (~> 2.0)
      excon
      moneta
      multi_json (>= 1.9.2)
      netrc
    moneta (0.8.0)
    multi_json (1.11.2)
    netrc (0.11.0)
    rake (10.5.0)
    yard (0.8.7.6)

PLATFORMS
  ruby

DEPENDENCIES
  bundler (~> 1.3)
  platform-api!
  rake
  yard

BUNDLED WITH
   1.11.2
